GEM
  remote: http://rubygems.org/
  specs:
    addressable (2.3.8)
    blankslate (3.1.3)
    diff-lcs (1.2.5)
    escape_utils (0.2.4)
    ffi (1.0.11)
    github-markdown (0.6.8)
    github-markup (0.7.5)
    gollum (2.2.1)
      escape_utils (= 0.2.4)
      github-markdown
      github-markup (>= 0.7.0, < 1.0.0)
      grit (~> 2.5.0)
      mustache (>= 0.11.2, < 1.0.0)
      nokogiri (~> 1.4)
      pygments.rb (~> 0.2.0)
      sanitize (~> 2.0.0)
      sinatra (~> 1.0)
      stringex (~> 1.4.0)
      useragent (~> 0.4.9)
    grit (2.5.0)
      diff-lcs (~> 1.1)
      mime-types (~> 1.15)
      posix-spawn (~> 0.3.6)
    hashie (1.2.0)
    mime-types (1.25.1)
    mini_portile (0.6.2)
    mustache (0.99.8)
    nokogiri (1.6.6.2)
      mini_portile (~> 0.6.0)
    omniauth (1.0.0)
      hashie (~> 1.2)
      rack
    posix-spawn (0.3.11)
    pygments.rb (0.2.13)
      rubypython (~> 0.5.3)
    rack (1.3.5)
    rack-protection (1.5.3)
      rack
    rubypython (0.5.3)
      blankslate (>= 2.1.2.3)
      ffi (~> 1.0.7)
    sanitize (2.0.6)
      nokogiri (>= 1.4.4)
    sinatra (1.3.1)
      rack (~> 1.3, >= 1.3.4)
      rack-protection (~> 1.1, >= 1.1.2)
      tilt (~> 1.3, >= 1.3.3)
    stringex (1.4.0)
    tilt (1.4.1)
    useragent (0.4.16)

PLATFORMS
  ruby

DEPENDENCIES
  addressable
  gollum
  mustache (>= 0.99.5)
  omniauth
